GEM
  remote: http://rubygems.org/
  specs:
    redcarpet (1.17.2)
    rmagick (2.13.1)

PLATFORMS
  ruby

DEPENDENCIES
  redcarpet
  rmagick
